GEM
  remote: https://rubygems.org/
  specs:
    activemodel (4.2.8)
      activesupport (= 4.2.8)
      builder (~> 3.1)
    activerecord (4.2.8)
      activemodel (= 4.2.8)
      activesupport (= 4.2.8)
      arel (~> 6.0)
    activesupport (4.2.8)
      i18n (~> 0.7)
      minitest (~> 5.1)
      thread_safe (~> 0.3, >= 0.3.4)
      tzinfo (~> 1.1)
    arel (6.0.4)
    builder (3.2.3)
    coderay (1.1.1)
    i18n (0.8.4)
    method_source (0.8.2)
    minitest (5.10.2)
    pg (0.20.0)
    pry (0.10.4)
      coderay (~> 1.1.0)
      method_source (~> 0.8.1)
      slop (~> 3.4)
    rack (1.6.8)
    rack-protection (1.5.3)
      rack
    rake (12.0.0)
    sinatra (1.4.8)
      rack (~> 1.5)
      rack-protection (~> 1.4)
      tilt (>= 1.3, < 3)
    sinatra-activerecord (2.0.9)
      activerecord (>= 3.2)
      sinatra (~> 1.0)
    slop (3.6.0)
    thread_safe (0.3.6)
    tilt (2.0.7)
    tzinfo (1.2.3)
      thread_safe (~> 0.1)

PLATFORMS
  ruby

DEPENDENCIES
  activerecord (~> 4.2)
  pg
  pry
  rake
  sinatra
  sinatra-activerecord (= 2.0.9)

BUNDLED WITH
   1.13.7
